GEM
  remote: https://rubygems.org/
  specs:
    bootsnap (1.11.0)
    byebug (11.1.3)
    capybara (3.38.0)
      addressable (2.8.0)
      chromedriver-helper (2.1.0)
      classifier-reborn (2.1.1)
      cork (1.0.3)
      ffi (1.15.5)
      i18n (1.12.0)
      launchy (2.6.0)
      mini_mime (1.1.2)
      rack (2.2.4)
      rack-test (1.0.5)
      selenium-webdriver (3.142.7)
    chromedriver-helper (2.1.0)
    clockwork (2.0.2)
    coffee-rails (5.0.0)
      coffee-script (2.4.1)
      coffee-script-source (1.12.2)
      railties (>= 4.0.0)
    font-awesome-sass (5.15.4)
    google-analytics-rails (1.1.1)
    jbuilder (2.11.0)
    listen (3.4.2)
      rb-fsevent (0.10.4)
      rb-inotify (0.10.1)
    mini_racer (0.3.3)
      libv8 (8.4.255.0)
    nokogiri (1.13.4)
      racc (1.6.0)
    pg (1.4.3)
    puma (5.6.2)
    rack-cors (1.1.1)
    rails (7.0.5)
      actioncable (= 7.0.5)
      actionmailbox (= 7.0.5)
      actionmailer (= 7.0.5)
      actionpack (= 7.0.5)
      actionview (= 7.0.5)
      activejob (= 7.0.5)
      activemodel (= 7.0.5)
      activerecord (= 7.0.5)
      activestorage (= 7.0.5)
      activesupport (= 7.0.5)
      bundler (>= 1.3.0)
      railties (= 7.0.5)
      sprockets-rails (>= 3.2.0)
    rails-timeago (2.16.0)
    sass-rails (6.0.0)
      sass (3.7.4)
      railties (>= 4.2.0)
    selenium-webdriver (3.142.7)
      childprocess (3.0.0)
      rubyzip (1.3.0)
    simple_form (5.1.0)
    spring (3.2.1)
    spring-watcher-listen (2.0.1)
    sqlite3 (1.4.2)
    turbolinks (5.2.0)
    twemoji (3.1.4)
    tzinfo-data (2021.5)
    uglifier (4.2.0)
    validate_url (1.0.2)
    validates_email_format_of (1.6.3)
    watir (6.19.0)
    web-console (4.2.0)
    webdrivers (4.6.0)
    webpacker (5.4.3)

PLATFORMS
  ruby

DEPENDENCIES
  bootsnap (>= 1.4.2)
  byebug
  capybara (>= 2.15, < 4.0)
  chromedriver-helper
  clockwork (~> 1.2)
  coffee-rails (~> 4.2)
  font-awesome-sass (~> 5.0.13)
  google-analytics-rails (= 1.1.1)
  jbuilder (~> 2.5)
  listen (>= 3.0.5, < 3.2)
  mini_racer
  nokogiri (>= 1.13)
  pg
  puma (~> 4.3)
  rack-cors
  rails (~> 7.0)
  rails-timeago (~> 2.16)
  sass-rails (~> 5)
  selenium-webdriver
  simple_form (~> 5.0.0)
  spring
  spring-watcher-listen (~> 2.0.0)
  sqlite3
  turbolinks (~> 5)
  twemoji (~> 3.1, >= 3.1.4)
  tzinfo-data
  uglifier (>= 1.3.0)
  validate_url (~> 1.0, >= 1.0.2)
  validates_email_format_of (~> 1.6, >= 1.6.3)
  watir (~> 6.0)
  web-console (>= 3.3.0)
  webdrivers (~> 4.0)
  webpacker

RUBY VERSION
   ruby 3.1.0

BUNDLED WITH
   2.3.14
